GEM
  remote: http://rubygems.org/
  specs:
    jabber-bot (1.3.0)
      xmpp4r-simple (>= 0.8.7)
    nokogiri (1.4.6)
    xmpp4r (0.5)
    xmpp4r-simple (0.8.8)
      xmpp4r (>= 0.3.2)

PLATFORMS
  ruby

DEPENDENCIES
  jabber-bot
  nokogiri
  xmpp4r
  xmpp4r-simple
